PATH
  remote: .
  specs:
    my_manga (1.0.1)
      activerecord (~> 5.0)
      hanami-cli (~> 0.1.0)
      mangdown (~> 0.15.1)
      pg

GEM
  remote: https://rubygems.org/
  specs:
    activemodel (5.1.4)
      activesupport (= 5.1.4)
    activerecord (5.1.4)
      activemodel (= 5.1.4)
      activesupport (= 5.1.4)
      arel (~> 8.0)
    activesupport (5.1.4)
      concurrent-ruby (~> 1.0, >= 1.0.2)
      i18n (~> 0.7)
      minitest (~> 5.1)
      tzinfo (~> 1.1)
    arel (8.0.0)
    ast (2.3.0)
    concurrent-ruby (1.0.5)
    ethon (0.11.0)
      ffi (>= 1.3.0)
    ffi (1.9.18)
    hanami-cli (0.1.0)
      concurrent-ruby (~> 1.0)
      hanami-utils (~> 1.1)
    hanami-utils (1.1.0)
      concurrent-ruby (~> 1.0)
      transproc (~> 1.0)
    i18n (0.9.0)
      concurrent-ruby (~> 1.0)
    mangdown (0.15.1)
      nokogiri (~> 1.6)
      ruby-filemagic
      rubyzip (~> 1.1)
      typhoeus (~> 0.7)
    mini_portile2 (2.3.0)
    minitest (5.10.3)
    nokogiri (1.8.1)
      mini_portile2 (~> 2.3.0)
    parallel (1.12.0)
    parser (2.4.0.0)
      ast (~> 2.2)
    pg (0.21.0)
    powerpack (0.1.1)
    rainbow (2.2.2)
      rake
    rake (12.0.0)
    rubocop (0.49.1)
      parallel (~> 1.10)
      parser (>= 2.3.3.1, < 3.0)
      powerpack (~> 0.1)
      rainbow (>= 1.99.1, < 3.0)
      ruby-progressbar (~> 1.7)
      unicode-display_width (~> 1.0, >= 1.0.1)
    ruby-filemagic (0.7.2)
    ruby-progressbar (1.8.1)
    rubyzip (1.2.1)
    thread_safe (0.3.6)
    transproc (1.0.2)
    typhoeus (0.8.0)
      ethon (>= 0.8.0)
    tzinfo (1.2.4)
      thread_safe (~> 0.1)
    unicode-display_width (1.3.0)

PLATFORMS
  ruby

DEPENDENCIES
  minitest
  my_manga!
  rubocop

BUNDLED WITH
   1.15.4
