GIT
  remote: git://github.com/hanami/cli.git
  revision: 79be88362901bb51b969395b68c6c91c3b33f58d
  specs:
    hanami-cli (0.1.0.beta1)
      concurrent-ruby (~> 1.0)
      hanami-utils (= 1.1.0.beta3)

GEM
  remote: https://rubygems.org/
  specs:
    activemodel (5.1.3)
      activesupport (= 5.1.3)
    activerecord (5.1.3)
      activemodel (= 5.1.3)
      activesupport (= 5.1.3)
      arel (~> 8.0)
    activesupport (5.1.3)
      concurrent-ruby (~> 1.0, >= 1.0.2)
      i18n (~> 0.7)
      minitest (~> 5.1)
      tzinfo (~> 1.1)
    arel (8.0.0)
    ast (2.3.0)
    concurrent-ruby (1.0.5)
    ethon (0.10.1)
      ffi (>= 1.3.0)
    ffi (1.9.18)
    hanami-utils (1.1.0.beta3)
      concurrent-ruby (~> 1.0)
      transproc (~> 1.0)
    i18n (0.8.6)
    mangdown (0.14.1)
      nokogiri (~> 1.6)
      ruby-filemagic
      rubyzip (~> 1.1)
      typhoeus (~> 0.7)
    mini_portile2 (2.2.0)
    minitest (5.10.3)
    nokogiri (1.8.0)
      mini_portile2 (~> 2.2.0)
    parallel (1.12.0)
    parser (2.4.0.0)
      ast (~> 2.2)
    pg (0.21.0)
    powerpack (0.1.1)
    rainbow (2.2.2)
      rake
    rake (12.0.0)
    rubocop (0.49.1)
      parallel (~> 1.10)
      parser (>= 2.3.3.1, < 3.0)
      powerpack (~> 0.1)
      rainbow (>= 1.99.1, < 3.0)
      ruby-progressbar (~> 1.7)
      unicode-display_width (~> 1.0, >= 1.0.1)
    ruby-filemagic (0.7.2)
    ruby-progressbar (1.8.1)
    rubyzip (1.2.1)
    thread_safe (0.3.6)
    transproc (1.0.2)
    typhoeus (0.8.0)
      ethon (>= 0.8.0)
    tzinfo (1.2.3)
      thread_safe (~> 0.1)
    unicode-display_width (1.3.0)

PLATFORMS
  ruby

DEPENDENCIES
  activerecord
  hanami-cli!
  mangdown (~> 0.14.0)
  minitest
  pg
  rubocop

BUNDLED WITH
   1.15.4
